GEM
  remote: https://rubygems.org/
  specs:
    diff-lcs (1.2.5)
    rspec (2.14.1)
      rspec-core (~> 2.14.0)
      rspec-expectations (~> 2.14.0)
      rspec-mocks (~> 2.14.0)
    rspec-core (2.14.7)
    rspec-expectations (2.14.4)
      diff-lcs (>= 1.1.3, < 2.0)
    rspec-mocks (2.14.4)
    ruby-standard-deviation (2.0.0)

PLATFORMS
  ruby

DEPENDENCIES
  rspec
  ruby-standard-deviation (~> 2.0.0)
